GEM
  remote: https://rubygems.org/
  specs:
    dotenv (2.1.1)
    pg (0.18.4)
    psych (2.0.17)
    rack (1.6.4)
    rack-protection (1.5.3)
      rack
    sequel (4.34.0)
    sequel_pg (1.6.17)
      pg (>= 0.8.0)
      sequel (>= 4.0.0)
    sinatra (1.4.7)
      rack (~> 1.5)
      rack-protection (~> 1.4)
      tilt (>= 1.3, < 3)
    tilt (2.0.2)

PLATFORMS
  ruby

DEPENDENCIES
  dotenv
  pg
  psych
  sequel
  sequel_pg
  sinatra

RUBY VERSION
   ruby 2.3.1p112

BUNDLED WITH
   1.12.2
